PATH
  remote: .
  specs:
    compare_linker_command (0.0.1)
      compare_linker (~> 1.3.8)
      git (~> 1.3.0)
      octokit (~> 4.7.0)

GEM
  remote: https://rubygems.org/
  specs:
    addressable (2.5.2)
      public_suffix (>= 2.0.2, < 4.0)
    compare_linker (1.3.8)
      httpclient
      octokit
    faraday (0.15.0)
      multipart-post (>= 1.2, < 3)
    git (1.3.0)
    httpclient (2.8.3)
    multipart-post (2.0.0)
    octokit (4.7.0)
      sawyer (~> 0.8.0, >= 0.5.3)
    public_suffix (3.0.2)
    rake (10.5.0)
    sawyer (0.8.1)
      addressable (>= 2.3.5, < 2.6)
      faraday (~> 0.8, < 1.0)

PLATFORMS
  ruby

DEPENDENCIES
  bundler (~> 1.11)
  compare_linker_command!
  rake (~> 10.0)

BUNDLED WITH
   1.16.1
